PATH
  remote: .
  specs:
    gruber-case (0.0.4)

GEM
  remote: https://rubygems.org/
  specs:

PLATFORMS
  ruby

DEPENDENCIES
  gruber-case!
